PATH
  remote: .
  specs:
    money_date_exchange_bank (0.0.1)
      money (~> 6.13)

GEM
  remote: https://rubygems.org/
  specs:
    concurrent-ruby (1.1.5)
    i18n (1.6.0)
      concurrent-ruby (~> 1.0)
    money (6.13.2)
      i18n (>= 0.6.4, <= 2)

PLATFORMS
  ruby

DEPENDENCIES
  money_date_exchange_bank!

BUNDLED WITH
   1.17.2
